PATH
  remote: .
  specs:
    git_curate (0.4.2)
      highline (= 2.0.2)
      tabulo (= 1.3.0)
      tty-screen (= 0.6.5)

GEM
  remote: https://rubygems.org/
  specs:
    highline (2.0.2)
    rake (12.3.2)
    rake-version (1.0.1)
      rake (> 11.1)
    tabulo (1.3.0)
      tty-screen (= 0.6.5)
    tty-screen (0.6.5)

PLATFORMS
  ruby

DEPENDENCIES
  bundler (~> 1.16)
  git_curate!
  rake (~> 12.3)
  rake-version (~> 1.0)

BUNDLED WITH
   1.16.6
