PATH
  remote: .
  specs:
    git_curate (0.6.4)
      highline (= 2.0.2)
      tabulo (= 1.5.1)
      tty-screen (= 0.7.0)

GEM
  remote: https://rubygems.org/
  specs:
    diff-lcs (1.3)
    highline (2.0.2)
    rake (12.3.2)
    rake-version (1.0.1)
      rake (> 11.1)
    rspec (3.8.0)
      rspec-core (~> 3.8.0)
      rspec-expectations (~> 3.8.0)
      rspec-mocks (~> 3.8.0)
    rspec-core (3.8.2)
      rspec-support (~> 3.8.0)
    rspec-expectations (3.8.4)
      diff-lcs (>= 1.2.0, < 2.0)
      rspec-support (~> 3.8.0)
    rspec-mocks (3.8.1)
      diff-lcs (>= 1.2.0, < 2.0)
      rspec-support (~> 3.8.0)
    rspec-support (3.8.2)
    tabulo (1.5.1)
      tty-screen (= 0.7.0)
      unicode-display_width (= 1.6.0)
    tty-screen (0.7.0)
    unicode-display_width (1.6.0)

PLATFORMS
  ruby

DEPENDENCIES
  bundler
  git_curate!
  rake (~> 12.3)
  rake-version (~> 1.0)
  rspec (~> 3.0)

BUNDLED WITH
   2.0.1
