PATH
  remote: .
  specs:
    git_curate (0.6.0)
      highline (= 2.0.2)
      tabulo (= 1.4.0)
      tty-screen (= 0.6.5)

GEM
  remote: https://rubygems.org/
  specs:
    highline (2.0.2)
    rake (12.3.2)
    rake-version (1.0.1)
      rake (> 11.1)
    tabulo (1.4.0)
      tty-screen (= 0.6.5)
      unicode-display_width (= 1.5.0)
    tty-screen (0.6.5)
    unicode-display_width (1.5.0)

PLATFORMS
  ruby

DEPENDENCIES
  bundler
  git_curate!
  rake (~> 12.3)
  rake-version (~> 1.0)

BUNDLED WITH
   2.0.1
